PATH
  remote: .
  specs:
    holepicker (0.3.1)
      json (>= 1.7.7)
      rainbow (>= 1.1.4, < 2.0.0)

GEM
  remote: http://rubygems.org/
  specs:
    addressable (2.2.8)
    colorize (0.5.8)
    coveralls (0.6.2)
      colorize
      multi_json (~> 1.3)
      rest-client
      simplecov (>= 0.7)
      thor
    crack (0.3.2)
    diff-lcs (1.1.3)
    fakefs (0.4.2)
    json (1.8.1)
    metaclass (0.0.1)
    mime-types (1.21)
    mocha (0.13.2)
      metaclass (~> 0.0.1)
    multi_json (1.6.1)
    rainbow (1.99.2)
    rest-client (1.6.7)
      mime-types (>= 1.16)
    rspec (2.12.0)
      rspec-core (~> 2.12.0)
      rspec-expectations (~> 2.12.0)
      rspec-mocks (~> 2.12.0)
    rspec-core (2.12.2)
    rspec-expectations (2.12.1)
      diff-lcs (~> 1.1.3)
    rspec-mocks (2.12.2)
    simplecov (0.7.1)
      multi_json (~> 1.0)
      simplecov-html (~> 0.7.1)
    simplecov-html (0.7.1)
    thor (0.17.0)
    webmock (1.8.7)
      addressable (>= 2.2.7)
      crack (>= 0.1.7)

PLATFORMS
  ruby

DEPENDENCIES
  coveralls
  fakefs
  holepicker!
  mocha
  rspec
  webmock
